PATH
  remote: .
  specs:
    barnes (0.0.1)
      statsd-ruby (~> 1.1)

GEM
  remote: https://rubygems.org/
  specs:
    minitest (5.10.2)
    rake (10.5.0)
    statsd-ruby (1.4.0)

PLATFORMS
  ruby

DEPENDENCIES
  barnes!
  minitest (~> 5.3)
  rake (~> 10)

BUNDLED WITH
   1.15.4
